GEM
  remote: https://rubygems.org/
  specs:
    commonjs (0.2.7)
    font-awesome-less (4.2.0)
      less (~> 2.4.0)
    less (2.4.0)
      commonjs (~> 0.2.7)
    rack (1.5.2)
    rack-protection (1.5.3)
      rack
    sinatra (1.4.5)
      rack (~> 1.4)
      rack-protection (~> 1.4)
      tilt (~> 1.3, >= 1.3.4)
    tilt (1.4.1)

PLATFORMS
  ruby

DEPENDENCIES
  font-awesome-less
  sinatra
